PATH
  remote: vendor/gems/ckeditor
  specs:
    ckeditor (3.7.0.rc2)
      mime-types (~> 1.17.2)
      orm_adapter (~> 0.0.6)

GEM
  remote: http://rubygems.org/
  specs:
    actionmailer (3.2.1)
      actionpack (= 3.2.1)
      mail (~> 2.4.0)
    actionpack (3.2.1)
      activemodel (= 3.2.1)
      activesupport (= 3.2.1)
      builder (~> 3.0.0)
      erubis (~> 2.7.0)
      journey (~> 1.0.1)
      rack (~> 1.4.0)
      rack-cache (~> 1.1)
      rack-test (~> 0.6.1)
      sprockets (~> 2.1.2)
    activemodel (3.2.1)
      activesupport (= 3.2.1)
      builder (~> 3.0.0)
    activerecord (3.2.1)
      activemodel (= 3.2.1)
      activesupport (= 3.2.1)
      arel (~> 3.0.0)
      tzinfo (~> 0.3.29)
    activeresource (3.2.1)
      activemodel (= 3.2.1)
      activesupport (= 3.2.1)
    activesupport (3.2.1)
      i18n (~> 0.6)
      multi_json (~> 1.0)
    acts_as_commentable (3.0.1)
    addressable (2.2.6)
    ancestry (1.2.4)
      activerecord (>= 2.2.2)
    archive-tar-minitar (0.5.2)
    arel (3.0.2)
    bcrypt-ruby (3.0.1)
    builder (3.0.0)
    cancan (1.6.7)
    capybara (1.1.2)
      mime-types (>= 1.16)
      nokogiri (>= 1.3.3)
      rack (>= 1.0.0)
      rack-test (>= 0.5.4)
      selenium-webdriver (~> 2.0)
      xpath (~> 0.1.4)
    cells (3.8.0)
      actionpack (~> 3.0)
      railties (~> 3.0)
    cells-filters (0.0.1)
      cells
      hooks
    childprocess (0.3.5)
      ffi (~> 1.0, >= 1.0.6)
    cocaine (0.2.1)
    columnize (0.3.6)
    comma (3.0.3)
    cucumber (1.1.4)
      builder (>= 2.1.2)
      diff-lcs (>= 1.1.2)
      gherkin (~> 2.7.1)
      json (>= 1.4.6)
      term-ansicolor (>= 1.0.6)
    cucumber-rails (1.2.1)
      capybara (>= 1.1.2)
      cucumber (>= 1.1.3)
      nokogiri (>= 1.5.0)
    database_cleaner (0.7.1)
    deadweight (0.2.1)
      nokogiri
    devise (1.5.0)
      bcrypt-ruby (~> 3.0)
      orm_adapter (~> 0.0.3)
      warden (~> 1.1)
    diff-lcs (1.1.3)
    erubis (2.7.0)
    factory_girl (2.5.0)
      activesupport
    fastercsv (1.5.4)
    ffi (1.1.5)
    gherkin (2.7.4)
      json (>= 1.4.6)
    gravatar_image_tag (1.0.0)
    guard (1.0.0)
      ffi (>= 0.5.0)
      thor (~> 0.14.6)
    guard-cucumber (0.7.5)
      cucumber (>= 0.10)
      guard (>= 0.8.3)
    hashie (1.2.0)
    hike (1.2.1)
    hooks (0.2.0)
    i18n (0.6.0)
    journey (1.0.4)
    jquery-rails (1.0.18)
      railties (~> 3.0)
      thor (~> 0.14)
    json (1.7.5)
    launchy (2.0.5)
      addressable (~> 2.2.6)
    libwebsocket (0.1.5)
      addressable
    linecache19 (0.5.12)
      ruby_core_source (>= 0.1.4)
    mail (2.4.4)
      i18n (>= 0.4.0)
      mime-types (~> 1.16)
      treetop (~> 1.4.8)
    mime-types (1.17.2)
    multi_json (1.3.6)
    mysql2 (0.3.11)
    nokogiri (1.5.0)
    omniauth (1.0.0)
      hashie (~> 1.2)
      rack
    orm_adapter (0.0.6)
    paperclip (2.4.5)
      activerecord (>= 2.3.0)
      activesupport (>= 2.3.2)
      cocaine (>= 0.0.2)
      mime-types
    pg (0.11.0)
    polyglot (0.3.3)
    rack (1.4.1)
    rack-cache (1.2)
      rack (>= 0.4)
    rack-ssl (1.3.2)
      rack
    rack-test (0.6.1)
      rack (>= 1.0)
    railroady (1.0.5)
    rails (3.2.1)
      actionmailer (= 3.2.1)
      actionpack (= 3.2.1)
      activerecord (= 3.2.1)
      activeresource (= 3.2.1)
      activesupport (= 3.2.1)
      bundler (~> 1.0)
      railties (= 3.2.1)
    railties (3.2.1)
      actionpack (= 3.2.1)
      activesupport (= 3.2.1)
      rack-ssl (~> 1.3.2)
      rake (>= 0.8.7)
      rdoc (~> 3.4)
      thor (~> 0.14.6)
    rake (0.9.2.2)
    rdoc (3.12)
      json (~> 1.4)
    recaptcha-rails3 (0.3.4)
      recaptcha-rails3
    rspec (2.8.0)
      rspec-core (~> 2.8.0)
      rspec-expectations (~> 2.8.0)
      rspec-mocks (~> 2.8.0)
    rspec-core (2.8.0)
    rspec-expectations (2.8.0)
      diff-lcs (~> 1.1.2)
    rspec-mocks (2.8.0)
    rspec-rails (2.8.1)
      actionpack (>= 3.0)
      activesupport (>= 3.0)
      railties (>= 3.0)
      rspec (~> 2.8.0)
    ruby-debug-base19 (0.11.25)
      columnize (>= 0.3.1)
      linecache19 (>= 0.5.11)
      ruby_core_source (>= 0.1.4)
    ruby-debug19 (0.11.6)
      columnize (>= 0.3.1)
      linecache19 (>= 0.5.11)
      ruby-debug-base19 (>= 0.11.19)
    ruby_core_source (0.1.5)
      archive-tar-minitar (>= 0.5.2)
    rubyzip (0.9.9)
    selenium-webdriver (2.25.0)
      childprocess (>= 0.2.5)
      libwebsocket (~> 0.1.3)
      multi_json (~> 1.0)
      rubyzip
    sprockets (2.1.3)
      hike (~> 1.2)
      rack (~> 1.0)
      tilt (~> 1.1, != 1.3.0)
    sqlite3 (1.3.5)
    string-utils (0.2.0)
    term-ansicolor (1.0.7)
    themes_for_rails (0.4.3)
      rails (>= 3.0.0)
    thor (0.14.6)
    tilt (1.3.3)
    treetop (1.4.10)
      polyglot
      polyglot (>= 0.3.1)
    tzinfo (0.3.33)
    warden (1.1.0)
      rack (>= 1.0)
    webrat (0.7.3)
      nokogiri (>= 1.2.0)
      rack (>= 1.0)
      rack-test (>= 0.5.3)
    will_paginate (3.0.2)
    xpath (0.1.4)
      nokogiri (~> 1.3)

PLATFORMS
  ruby

DEPENDENCIES
  acts_as_commentable (= 3.0.1)
  ancestry (= 1.2.4)
  cancan (= 1.6.7)
  capybara (= 1.1.2)
  cells (= 3.8.0)
  cells-filters (= 0.0.1)
  ckeditor!
  comma (~> 3.0)
  cucumber (= 1.1.4)
  cucumber-rails (= 1.2.1)
  database_cleaner (= 0.7.1)
  deadweight (>= 0.2.1)
  devise (= 1.5.0)
  factory_girl
  fastercsv
  gravatar_image_tag (= 1.0.0)
  guard
  guard-cucumber
  jquery-rails (= 1.0.18)
  launchy
  mysql2 (= 0.3.11)
  omniauth (= 1.0.0)
  paperclip (= 2.4.5)
  pg (= 0.11.0)
  railroady
  rails (= 3.2.1)
  recaptcha-rails3 (= 0.3.4)
  rspec (= 2.8.0)
  rspec-rails (= 2.8.1)
  ruby-debug19 (~> 0.11.6)
  sqlite3 (= 1.3.5)
  string-utils (= 0.2.0)
  themes_for_rails (= 0.4.3)
  webrat (= 0.7.3)
  will_paginate (= 3.0.2)
